GEM
  remote: http://rubygems.org/
  specs:
    haml (3.0.15)
    rack (1.2.1)
    shotgun (0.8)
      rack (>= 1.0)
    sinatra (1.0)
      rack (>= 1.0)

PLATFORMS
  ruby

DEPENDENCIES
  haml (>= 3)
  shotgun (= 0.8)
  sinatra (= 1.0)
